GEM
  remote: https://rubygems.org/
  specs:
    dnsruby (1.58.0)

PLATFORMS
  ruby

DEPENDENCIES
  dnsruby

BUNDLED WITH
   1.10.5
